GIT
  remote: https://github.com/ruby-prof/ruby-prof.git
  revision: 8b248d16b12fc8c0ddbdf7ff2666d7b422690206
  specs:
    ruby-prof (0.13.0)

PATH
  remote: .
  specs:
    vertica (0.10.1)
      jeweler
      rake

GEM
  remote: http://rubygems.org/
  specs:
    coderay (1.0.9)
    columnize (0.3.6)
    debugger (1.5.0)
      columnize (>= 0.3.1)
      debugger-linecache (~> 1.2.0)
      debugger-ruby_core_source (~> 1.2.0)
    debugger-linecache (1.2.0)
    debugger-ruby_core_source (1.2.0)
    git (1.2.5)
    jeweler (1.8.4)
      bundler (~> 1.0)
      git (>= 1.2.5)
      rake
      rdoc
    json (1.8.0)
    method_source (0.8.1)
    pry (0.9.12.2)
      coderay (~> 1.0.5)
      method_source (~> 0.8)
      slop (~> 3.4)
    pry-debugger (0.2.2)
      debugger (~> 1.3)
      pry (~> 0.9.10)
    rake (10.0.4)
    rdoc (4.0.1)
      json (~> 1.4)
    slop (3.4.4)

PLATFORMS
  ruby

DEPENDENCIES
  pry
  pry-debugger
  ruby-prof!
  vertica!
